GEM
  remote: http://rubygems.org/
  specs:
    mini_portile2 (2.6.1)
    nokogiri (1.12.5)
      mini_portile2 (~> 2.6.1)
      racc (~> 1.4)
    nokogumbo (1.4.7)
      nokogiri
    racc (1.6.0)

PLATFORMS
  ruby

DEPENDENCIES
  nokogumbo
